GIT
  remote: https://github.com/contextio/Ruby-ContextIO.git
  revision: 6e77053321a2d69af134120f865c936d59d331fa
  branch: dev_2.0
  specs:
    contextio (0.4.0)

GEM
  remote: http://rubygems.org/
  specs:
    haml (3.1.6)
    hike (1.2.1)
    json (1.7.3)
    multi_json (1.3.6)
    oauth (0.4.6)
    rack (1.4.1)
    rack-protection (1.2.0)
      rack
    sass (3.1.19)
    shotgun (0.9)
      rack (>= 1.0)
    sinatra (1.3.2)
      rack (~> 1.3, >= 1.3.6)
      rack-protection (~> 1.2)
      tilt (~> 1.3, >= 1.3.3)
    sprockets (2.4.3)
      hike (~> 1.2)
      multi_json (~> 1.0)
      rack (~> 1.0)
      tilt (~> 1.1, != 1.3.0)
    sprockets-helpers (0.4.0)
      sprockets (~> 2.0)
    sprockets-sass (0.8.0)
      sprockets (~> 2.0)
      tilt (~> 1.1)
    tilt (1.3.3)

PLATFORMS
  ruby

DEPENDENCIES
  contextio!
  haml
  json
  oauth
  sass
  shotgun
  sinatra
  sprockets
  sprockets-helpers
  sprockets-sass
