GIT
  remote: https://github.com/contextio/Ruby-ContextIO.git
  revision: 6e77053321a2d69af134120f865c936d59d331fa
  branch: dev_2.0
  specs:
    contextio (0.4.0)

GEM
  remote: http://rubygems.org/
  specs:
    haml (3.1.4)
    json (1.6.6)
    oauth (0.4.5)
    rack (1.4.1)
    rack-protection (1.2.0)
      rack
    sinatra (1.3.2)
      rack (~> 1.3, >= 1.3.6)
      rack-protection (~> 1.2)
      tilt (~> 1.3, >= 1.3.3)
    tilt (1.3.3)

PLATFORMS
  ruby

DEPENDENCIES
  contextio!
  haml
  json
  oauth
  sinatra
